GEM
  remote: https://rubygems.org/
  specs:
    ast (2.4.1)
    graphql (1.11.6)
    mocha (1.11.2)
    nio4r (2.5.4)
    parallel (1.20.1)
    parser (2.7.2.0)
      ast (~> 2.4.1)
    power_assert (1.2.0)
    puma (5.0.4)
      nio4r (~> 2.0)
    rack (2.2.3)
    rainbow (3.0.0)
    regexp_parser (2.0.0)
    rexml (3.2.4)
    roda (3.38.0)
      rack
    rubocop (1.4.2)
      parallel (~> 1.10)
      parser (>= 2.7.1.5)
      rainbow (>= 2.2.2, < 4.0)
      regexp_parser (>= 1.8)
      rexml
      rubocop-ast (>= 1.1.1)
      ruby-progressbar (~> 1.7)
      unicode-display_width (>= 1.4.0, < 2.0)
    rubocop-ast (1.2.0)
      parser (>= 2.7.1.5)
    rubocop-performance (1.9.0)
      rubocop (>= 0.90.0, < 2.0)
      rubocop-ast (>= 0.4.0)
    rubocop-sequel (0.1.0)
      rubocop (~> 1.0)
    ruby-progressbar (1.10.1)
    sequel (5.38.0)
    sqlite3 (1.4.2)
    test-unit (3.3.7)
      power_assert
    thor (1.0.1)
    unicode-display_width (1.7.0)
    zeitwerk (2.4.2)

PLATFORMS
  ruby

DEPENDENCIES
  bundler
  graphql
  mocha
  puma
  roda
  rubocop
  rubocop-performance
  rubocop-sequel
  sequel
  sqlite3
  test-unit
  thor
  zeitwerk

BUNDLED WITH
   2.1.4
